PATH
  remote: .
  specs:
    cg_searchable (0.0.1)

GEM
  remote: https://rubygems.org/
  specs:
    rake (13.0.3)

PLATFORMS
  ruby

DEPENDENCIES
  bundler (~> 1.7)
  cg_searchable!
  rake (~> 13.0)
